PATH
  remote: ../
  specs:
    bloc_record (0.0.0)
      activesupport
      sqlite3 (~> 1.3)

GEM
  remote: https://rubygems.org/
  specs:
    activesupport (4.2.9)
      i18n (~> 0.7)
      minitest (~> 5.1)
      thread_safe (~> 0.3, >= 0.3.4)
      tzinfo (~> 1.1)
    i18n (0.8.6)
    minitest (5.10.3)
    pg (0.21.0)
    sqlite3 (1.3.13)
    thread_safe (0.3.6)
    tzinfo (1.2.3)
      thread_safe (~> 0.1)

PLATFORMS
  ruby

DEPENDENCIES
  bloc_record!
  pg (~> 0.21.0)

BUNDLED WITH
   1.12.5
